GEM
  remote: http://rubygems.org/
  specs:
    SystemTimer (1.2.3)
    builder (2.1.2)
    cucumber (0.9.2)
      builder (~> 2.1.2)
      diff-lcs (~> 1.1.2)
      gherkin (~> 2.2.5)
      json (~> 1.4.6)
      term-ansicolor (~> 1.0.5)
    curb (0.7.15)
    diff-lcs (1.1.2)
    gherkin (2.2.9)
      json (~> 1.4.6)
      term-ansicolor (~> 1.0.5)
    json (1.4.6)
    mime-types (1.16)
    nokogiri (1.4.4)
    rack (1.2.2)
    redis (2.1.1)
    redis-namespace (0.10.0)
      redis (< 3.0.0)
    resque (1.15.0)
      json (~> 1.4.6)
      redis-namespace (>= 0.10.0)
      sinatra (>= 0.9.2)
      vegas (~> 0.1.2)
    rspec (2.0.0)
      rspec-core (= 2.0.0)
      rspec-expectations (= 2.0.0)
      rspec-mocks (= 2.0.0)
    rspec-core (2.0.0)
    rspec-expectations (2.0.0)
      diff-lcs (>= 1.1.2)
    rspec-mocks (2.0.0)
      rspec-core (= 2.0.0)
      rspec-expectations (= 2.0.0)
    rubyzip (0.9.4)
    sinatra (1.2.1)
      rack (~> 1.1)
      tilt (< 2.0, >= 1.2.2)
    streamio-ffmpeg (0.7.8)
    term-ansicolor (1.0.5)
    tilt (1.2.2)
    trollop (1.16.2)
    vegas (0.1.8)
      rack (>= 1.0.0)

PLATFORMS
  ruby

DEPENDENCIES
  SystemTimer (= 1.2.3)
  builder
  cucumber (= 0.9.2)
  curb
  mime-types
  nokogiri (= 1.4.4)
  redis (= 2.1.1)
  resque (= 1.15.0)
  rspec (= 2.0.0)
  rubyzip
  streamio-ffmpeg
  trollop
