GIT
  remote: git://github.com/markoscalderon/bigbluebutton-api-ruby.git
  revision: 071a372eb7e823f3a24137fd5df5f584d9ab1b4a
  branch: api-0.8
  specs:
    bigbluebutton-api-ruby (0.0.10)
      nokogiri (~> 1.4.0)

GEM
  remote: http://rubygems.org/
  specs:
    daemons (1.1.3)
    eventmachine (0.12.10)
    haml (3.1.1)
    nokogiri (1.4.4)
    rack (1.2.0)
    sinatra (1.2.6)
      rack (~> 1.1)
      tilt (>= 1.2.2, < 2.0)
    thin (1.2.11)
      daemons (>= 1.0.9)
      eventmachine (>= 0.12.6)
      rack (>= 1.0.0)
    tilt (1.3)

PLATFORMS
  ruby

DEPENDENCIES
  bigbluebutton-api-ruby!
  haml
  nokogiri
  rack (= 1.2.0)
  sinatra
  thin
